PATH
  remote: .
  specs:
    lyber-core (0.9.7.3)
      actionpack
      active-fedora (>= 1.2.6)
      bagit (>= 0.1.0)
      nokogiri (= 1.4.3.1)
      solr-ruby (>= 0.0.8)
      solrizer (>= 0.3.1)
      stomp
      systemu (>= 1.2.0)
      validatable

GEM
  remote: http://rubygems.org/
  remote: http://sulair-rails-dev.stanford.edu/
  specs:
    actionpack (2.3.11)
      activesupport (= 2.3.11)
      rack (~> 1.1.0)
    active-fedora (1.2.9)
      activeresource (< 3.0.0)
      activeresource (< 3.0.0)
      mediashelf-loggable
      mime-types (>= 1.16)
      mime-types (>= 1.16)
      multipart-post
      multipart-post
      nokogiri
      nokogiri
      om (>= 1.0)
      om (>= 1.0)
      solr-ruby (>= 0.0.6)
      solr-ruby (>= 0.0.6)
      solrizer (>= 0.3.0)
      solrizer (>= 0.3.0)
      xml-simple (>= 1.0.12)
      xml-simple (>= 1.0.12)
    activeresource (2.3.11)
      activesupport (= 2.3.11)
    activesupport (2.3.11)
    bagit (0.1.0)
      semver (~> 0.1.0)
    columnize (0.3.2)
    daemons (1.1.0)
    eventmachine (0.12.10)
    facets (2.9.1)
    fakeweb (1.3.0)
    haml (3.0.25)
    hoe (2.9.1)
      rake (>= 0.8.7)
    i18n (0.5.0)
    linecache (0.43)
    lyberteam-devel (0.1.1)
      pony
      rake (>= 0.8.7)
    mail (2.2.15)
      activesupport (>= 2.3.6)
      i18n (>= 0.4.0)
      mime-types (~> 1.16)
      treetop (~> 1.4.8)
    mediashelf-loggable (0.4.0)
    mime-types (1.16)
    multipart-post (1.1.0)
    nokogiri (1.4.3.1)
    om (1.0.2)
      facets
      facets
      nokogiri
      nokogiri (>= 1.4.2)
    polyglot (0.3.1)
    pony (1.1)
      mail (> 2.0)
    rack (1.1.1)
    rake (0.8.7)
    rcov (0.9.9)
    rdoc (3.5.3)
    rspec (1.3.1)
    ruby-debug (0.10.4)
      columnize (>= 0.1)
      ruby-debug-base (~> 0.10.4.0)
    ruby-debug-base (0.10.4)
      linecache (>= 0.3)
    semver (0.1.0)
    solr-ruby (0.0.8)
    solrizer (0.3.2)
      mediashelf-loggable
      nokogiri
      nokogiri
      om
      solr-ruby
    stomp (1.1.7)
    stompserver (0.9.9)
      daemons (>= 1.0.2)
      eventmachine (>= 0.7.2)
      hoe (>= 1.1.1)
      hoe (>= 1.3.0)
    systemu (1.2.0)
    treetop (1.4.9)
      polyglot (>= 0.3.1)
    validatable (1.6.7)
    xml-simple (1.0.14)
    yard (0.6.4)

PLATFORMS
  ruby

DEPENDENCIES
  fakeweb
  haml
  lyber-core!
  lyberteam-devel (>= 0.1.1)
  rake (>= 0.8.7)
  rcov
  rdoc
  rspec (< 2.0)
  ruby-debug
  stompserver
  yard
