PATH
  remote: .
  specs:
    lyber-core (0.9.6.2)
      actionpack
      active-fedora (>= 1.2.6)
      bagit (>= 0.1.0)
      nokogiri (= 1.4.3.1)
      roxml (<= 3.1.5)
      solr-ruby (>= 0.0.8)
      solrizer (>= 0.3.1)
      systemu (>= 1.2.0)
      validatable

GEM
  remote: http://gemcutter.org/
  remote: http://gems.github.com/
  remote: http://sulair-rails-dev.stanford.edu/
  specs:
    actionpack (2.3.10)
      activesupport (= 2.3.10)
      rack (~> 1.1.0)
    active-fedora (1.2.7)
      activeresource (< 3.0.0)
      mime-types (>= 1.16)
      multipart-post
      nokogiri
      om (>= 1.0)
      solr-ruby (>= 0.0.6)
      solrizer (>= 0.3.0)
      xml-simple (>= 1.0.12)
    activeresource (2.3.10)
      activesupport (= 2.3.10)
    activesupport (2.3.10)
    bagit (0.1.0)
      semver (~> 0.1.0)
    columnize (0.3.2)
    facets (2.9.0)
    fakeweb (1.3.0)
    haml (3.0.24)
    i18n (0.4.2)
    linecache (0.43)
    mail (2.2.10)
      activesupport (>= 2.3.6)
      i18n (~> 0.4.1)
      mime-types (~> 1.16)
      treetop (~> 1.4.8)
    mediashelf-loggable (0.4.0)
    mime-types (1.16)
    multipart-post (1.0.1)
    nokogiri (1.4.3.1)
    om (1.0.0)
      facets
      nokogiri (>= 1.4.2)
    polyglot (0.3.1)
    pony (1.1)
      mail (> 2.0)
    rack (1.1.0)
    rake (0.8.7)
    rcov (0.9.9)
    rdoc (2.5.11)
    roxml (3.1.5)
      activesupport (>= 2.3.0)
      nokogiri (>= 1.3.3)
    rspec (1.3.1)
    ruby-debug (0.10.4)
      columnize (>= 0.1)
      ruby-debug-base (~> 0.10.4.0)
    ruby-debug-base (0.10.4)
      linecache (>= 0.3)
    semver (0.1.0)
    solr-ruby (0.0.8)
    solrizer (0.3.1)
      mediashelf-loggable
      nokogiri
      nokogiri
      om
      solr-ruby
    systemu (1.2.0)
    treetop (1.4.9)
      polyglot (>= 0.3.1)
    validatable (1.6.7)
    xml-simple (1.0.12)
    yard (0.6.2)

PLATFORMS
  ruby

DEPENDENCIES
  actionpack
  active-fedora (>= 1.2.6)
  bagit (>= 0.1.0)
  fakeweb
  haml
  lyber-core!
  nokogiri (= 1.4.3.1)
  pony
  rake (>= 0.8.7)
  rcov
  rdoc
  roxml (<= 3.1.5)
  rspec (< 2.0)
  ruby-debug
  solr-ruby (>= 0.0.8)
  solrizer (>= 0.3.1)
  systemu (>= 1.2.0)
  validatable
  yard

METADATA
  version: 1.0.6
