GEM
  remote: http://gemcutter.org/
  remote: http://gems.github.com/
  remote: http://sulair-rails-dev.stanford.edu/
  specs:
    actionpack (2.3.10)
      activesupport (= 2.3.10)
      rack (~> 1.1.0)
    active-fedora (1.2.6)
      activeresource (< 3.0.0)
      mime-types (>= 1.16)
      multipart-post
      nokogiri
      om (>= 1.0)
      solr-ruby (>= 0.0.6)
      solrizer (>= 0.3.0)
      xml-simple (>= 1.0.12)
    activeresource (2.3.10)
      activesupport (= 2.3.10)
    activesupport (2.3.10)
    bagit (0.1.0)
      semver (~> 0.1.0)
    columnize (0.3.1)
    facets (2.8.4)
    fakeweb (1.3.0)
    gemcutter (0.6.1)
    git (1.2.5)
    haml (3.0.22)
    jeweler (1.4.0)
      gemcutter (>= 0.1.0)
      git (>= 1.2.5)
      rubyforge (>= 2.0.0)
    json_pure (1.4.6)
    linecache (0.43)
    mediashelf-loggable (0.4.0)
    mime-types (1.16)
    multipart-post (1.0.1)
    nokogiri (1.4.3.1)
    om (1.0.0)
      facets
      nokogiri (>= 1.4.2)
    rack (1.1.0)
    rake (0.8.7)
    rcov (0.9.8)
    rdoc (2.3.0)
    roxml (3.1.5)
      activesupport (>= 2.3.0)
      nokogiri (>= 1.3.3)
    rspec (1.3.1)
    ruby-debug (0.10.3)
      columnize (>= 0.1)
      ruby-debug-base (~> 0.10.3.0)
    ruby-debug-base (0.10.3)
      linecache (>= 0.3)
    rubyforge (2.0.4)
      json_pure (>= 1.1.7)
    semver (0.1.0)
    solr-ruby (0.0.8)
    solrizer (0.3.1)
      mediashelf-loggable
      nokogiri
      nokogiri
      om
      solr-ruby
    systemu (1.2.0)
    validatable (1.6.7)
    xml-simple (1.0.12)
    yard (0.6.1)

PLATFORMS
  ruby

DEPENDENCIES
  actionpack
  active-fedora (>= 1.2.6)
  activeresource
  activesupport
  bagit (>= 0.1.0)
  columnize (= 0.3.1)
  facets (= 2.8.4)
  fakeweb
  gemcutter (>= 0.6.1)
  git (>= 1.2.5)
  haml (>= 2.2.24)
  jeweler (>= 1.4)
  json_pure (>= 1.4.6)
  linecache (>= 0.43)
  mime-types (>= 1.16)
  multipart-post (>= 1.0.1)
  nokogiri (>= 1.4.3.1)
  om
  rake (>= 0.8.7)
  rcov (= 0.9.8)
  rdoc (= 2.3.0)
  roxml (= 3.1.5)
  rspec (< 2.0)
  ruby-debug
  rubyforge (= 2.0.4)
  semver (= 0.1.0)
  solr-ruby (>= 0.0.8)
  solrizer (>= 0.3.1)
  systemu (>= 1.2.0)
  validatable
  xml-simple (= 1.0.12)
  yard
